GIT
  remote: https://github.com/faker-ruby/faker.git
  revision: ed7eed8aa47432015303a65a28441155d22904ef
  branch: master
  specs:
    faker (2.10.2)
      i18n (>= 1.6, < 2)

GIT
  remote: https://github.com/rspec/rspec-core.git
  revision: da87aa0c5f25a6e6f2db6f0c8fb2a04625b80ac6
  branch: master
  specs:
    rspec-core (3.10.0.pre)
      rspec-support (= 3.10.0.pre)

GIT
  remote: https://github.com/rspec/rspec-expectations.git
  revision: 0899d85d3cd7eae79039673d37f3f5140886b671
  branch: master
  specs:
    rspec-expectations (3.10.0.pre)
      diff-lcs (>= 1.2.0, < 2.0)
      rspec-support (= 3.10.0.pre)

GIT
  remote: https://github.com/rspec/rspec-mocks.git
  revision: ae6e11d7f5100146c4b58b165975a29e2ccc60db
  branch: master
  specs:
    rspec-mocks (3.10.0.pre)
      diff-lcs (>= 1.2.0, < 2.0)
      rspec-support (= 3.10.0.pre)

GIT
  remote: https://github.com/rspec/rspec-rails.git
  revision: 2f22bf33504c1908a3d9ef32f54da0179ebb0a15
  branch: master
  specs:
    rspec-rails (4.0.0.pre)
      actionpack (>= 4.2)
      activesupport (>= 4.2)
      railties (>= 4.2)
      rspec-core (= 3.10.0.pre)
      rspec-expectations (= 3.10.0.pre)
      rspec-mocks (= 3.10.0.pre)
      rspec-support (= 3.10.0.pre)

GIT
  remote: https://github.com/rspec/rspec-support.git
  revision: 9cec8e858228ee1d1395e4e6186ac39c2a83d705
  branch: master
  specs:
    rspec-support (3.10.0.pre)

GEM
  remote: https://rubygems.org/
  specs:
    actioncable (6.0.2.1)
      actionpack (= 6.0.2.1)
      nio4r (~> 2.0)
      websocket-driver (>= 0.6.1)
    actionmailbox (6.0.2.1)
      actionpack (= 6.0.2.1)
      activejob (= 6.0.2.1)
      activerecord (= 6.0.2.1)
      activestorage (= 6.0.2.1)
      activesupport (= 6.0.2.1)
      mail (>= 2.7.1)
    actionmailer (6.0.2.1)
      actionpack (= 6.0.2.1)
      actionview (= 6.0.2.1)
      activejob (= 6.0.2.1)
      mail (~> 2.5, >= 2.5.4)
      rails-dom-testing (~> 2.0)
    actionpack (6.0.2.1)
      actionview (= 6.0.2.1)
      activesupport (= 6.0.2.1)
      rack (~> 2.0, >= 2.0.8)
      rack-test (>= 0.6.3)
      rails-dom-testing (~> 2.0)
      rails-html-sanitizer (~> 1.0, >= 1.2.0)
    actiontext (6.0.2.1)
      actionpack (= 6.0.2.1)
      activerecord (= 6.0.2.1)
      activestorage (= 6.0.2.1)
      activesupport (= 6.0.2.1)
      nokogiri (>= 1.8.5)
    actionview (6.0.2.1)
      activesupport (= 6.0.2.1)
      builder (~> 3.1)
      erubi (~> 1.4)
      rails-dom-testing (~> 2.0)
      rails-html-sanitizer (~> 1.1, >= 1.2.0)
    activejob (6.0.2.1)
      activesupport (= 6.0.2.1)
      globalid (>= 0.3.6)
    activemodel (6.0.2.1)
      activesupport (= 6.0.2.1)
    activerecord (6.0.2.1)
      activemodel (= 6.0.2.1)
      activesupport (= 6.0.2.1)
    activestorage (6.0.2.1)
      actionpack (= 6.0.2.1)
      activejob (= 6.0.2.1)
      activerecord (= 6.0.2.1)
      marcel (~> 0.3.1)
    activesupport (6.0.2.1)
      concurrent-ruby (~> 1.0, >= 1.0.2)
      i18n (>= 0.7, < 2)
      minitest (~> 5.1)
      tzinfo (~> 1.1)
      zeitwerk (~> 2.2)
    addressable (2.7.0)
      public_suffix (>= 2.0.2, < 5.0)
    airbrussh (1.4.0)
      sshkit (>= 1.6.1, != 1.7.0)
    autoprefixer-rails (9.7.4)
      execjs
    better_errors (2.5.1)
      coderay (>= 1.0.0)
      erubi (>= 1.0.0)
      rack (>= 0.9.0)
    bindex (0.8.1)
    binding_of_caller (0.8.0)
      debug_inspector (>= 0.0.1)
    bootsnap (1.4.5)
      msgpack (~> 1.0)
    bootstrap (4.4.1)
      autoprefixer-rails (>= 9.1.0)
      popper_js (>= 1.14.3, < 2)
      sassc-rails (>= 2.0.0)
    builder (3.2.4)
    byebug (11.1.1)
    capistrano (3.12.0)
      airbrussh (>= 1.0.0)
      i18n
      rake (>= 10.0.0)
      sshkit (>= 1.9.0)
    capistrano-bundler (1.6.0)
      capistrano (~> 3.1)
    capistrano-rails (1.4.0)
      capistrano (~> 3.1)
      capistrano-bundler (~> 1.1)
    capistrano-rvm (0.1.2)
      capistrano (~> 3.0)
      sshkit (~> 1.2)
    capistrano3-puma (4.0.0)
      capistrano (~> 3.7)
      capistrano-bundler
      puma (~> 4.0)
    capybara (3.31.0)
      addressable
      mini_mime (>= 0.1.3)
      nokogiri (~> 1.8)
      rack (>= 1.6.0)
      rack-test (>= 0.6.3)
      regexp_parser (~> 1.5)
      xpath (~> 3.2)
    childprocess (3.0.0)
    coderay (1.1.2)
    concurrent-ruby (1.1.6)
    crass (1.0.6)
    database_cleaner (1.8.3)
    debug_inspector (0.0.3)
    diff-lcs (1.3)
    domain_name (0.5.20190701)
      unf (>= 0.0.5, < 1.0.0)
    erubi (1.9.0)
    execjs (2.7.0)
    factory_bot (5.1.1)
      activesupport (>= 4.2.0)
    factory_bot_rails (5.1.1)
      factory_bot (~> 5.1.0)
      railties (>= 4.2.0)
    ffi (1.12.2)
    font-awesome-rails (4.7.0.5)
      railties (>= 3.2, < 6.1)
    globalid (0.4.2)
      activesupport (>= 4.2.0)
    http-accept (2.1.1)
    http-cookie (1.0.3)
      domain_name (~> 0.5)
    i18n (1.8.2)
      concurrent-ruby (~> 1.0)
    jbuilder (2.10.0)
      activesupport (>= 5.0.0)
    listen (3.1.5)
      rb-fsevent (~> 0.9, >= 0.9.4)
      rb-inotify (~> 0.9, >= 0.9.7)
      ruby_dep (~> 1.2)
    loofah (2.4.0)
      crass (~> 1.0.2)
      nokogiri (>= 1.5.9)
    mail (2.7.1)
      mini_mime (>= 0.1.1)
    marcel (0.3.3)
      mimemagic (~> 0.3.2)
    method_source (0.9.2)
    mime-types (3.3.1)
      mime-types-data (~> 3.2015)
    mime-types-data (3.2019.1009)
    mimemagic (0.3.4)
    mini_mime (1.0.2)
    mini_portile2 (2.4.0)
    minitest (5.14.0)
    msgpack (1.3.3)
    net-scp (2.0.0)
      net-ssh (>= 2.6.5, < 6.0.0)
    net-ssh (5.2.0)
    netrc (0.11.0)
    nio4r (2.5.8)
    nokogiri (1.10.8)
      mini_portile2 (~> 2.4.0)
    popper_js (1.16.0)
    public_suffix (4.0.3)
    puma (4.3.9)
      nio4r (~> 2.0)
    rack (2.2.2)
    rack-proxy (0.6.5)
      rack
    rack-test (1.1.0)
      rack (>= 1.0, < 3)
    rails (6.0.2.1)
      actioncable (= 6.0.2.1)
      actionmailbox (= 6.0.2.1)
      actionmailer (= 6.0.2.1)
      actionpack (= 6.0.2.1)
      actiontext (= 6.0.2.1)
      actionview (= 6.0.2.1)
      activejob (= 6.0.2.1)
      activemodel (= 6.0.2.1)
      activerecord (= 6.0.2.1)
      activestorage (= 6.0.2.1)
      activesupport (= 6.0.2.1)
      bundler (>= 1.3.0)
      railties (= 6.0.2.1)
      sprockets-rails (>= 2.0.0)
    rails-dom-testing (2.0.3)
      activesupport (>= 4.2.0)
      nokogiri (>= 1.6)
    rails-html-sanitizer (1.3.0)
      loofah (~> 2.3)
    railties (6.0.2.1)
      actionpack (= 6.0.2.1)
      activesupport (= 6.0.2.1)
      method_source
      rake (>= 0.8.7)
      thor (>= 0.20.3, < 2.0)
    rake (13.0.1)
    rb-fsevent (0.10.3)
    rb-inotify (0.10.1)
      ffi (~> 1.0)
    regexp_parser (1.6.0)
    rest-client (2.0.2)
      http-cookie (>= 1.0.2, < 2.0)
      mime-types (>= 1.16, < 4.0)
      netrc (~> 0.8)
    ruby_dep (1.5.0)
    rubyzip (2.2.0)
    sass-rails (6.0.0)
      sassc-rails (~> 2.1, >= 2.1.1)
    sassc (2.2.1)
      ffi (~> 1.9)
    sassc-rails (2.1.2)
      railties (>= 4.0.0)
      sassc (>= 2.0)
      sprockets (> 3.0)
      sprockets-rails
      tilt
    selenium-webdriver (3.142.7)
      childprocess (>= 0.5, < 4.0)
      rubyzip (>= 1.2.2)
    simple_form (5.0.1)
      actionpack (>= 5.0)
      activemodel (>= 5.0)
    spring (2.1.0)
    spring-watcher-listen (2.0.1)
      listen (>= 2.7, < 4.0)
      spring (>= 1.2, < 3.0)
    sprockets (4.0.0)
      concurrent-ruby (~> 1.0)
      rack (> 1, < 3)
    sprockets-rails (3.2.1)
      actionpack (>= 4.0)
      activesupport (>= 4.0)
      sprockets (>= 3.0.0)
    sshkit (1.20.0)
      net-scp (>= 1.1.2)
      net-ssh (>= 2.8.0)
    thor (1.0.1)
    thread_safe (0.3.6)
    tilt (2.0.10)
    turbolinks (5.2.1)
      turbolinks-source (~> 5.2)
    turbolinks-source (5.2.0)
    tzinfo (1.2.6)
      thread_safe (~> 0.1)
    unf (0.1.4)
      unf_ext
    unf_ext (0.0.7.6)
    web-console (4.0.1)
      actionview (>= 6.0.0)
      activemodel (>= 6.0.0)
      bindex (>= 0.4.0)
      railties (>= 6.0.0)
    webdrivers (4.2.0)
      nokogiri (~> 1.6)
      rubyzip (>= 1.3.0)
      selenium-webdriver (>= 3.0, < 4.0)
    webpacker (4.2.2)
      activesupport (>= 4.2)
      rack-proxy (>= 0.6.1)
      railties (>= 4.2)
    websocket-driver (0.7.1)
      websocket-extensions (>= 0.1.0)
    websocket-extensions (0.1.4)
    xpath (3.2.0)
      nokogiri (~> 1.8)
    zeitwerk (2.2.2)

PLATFORMS
  ruby

DEPENDENCIES
  better_errors (= 2.5.1)
  binding_of_caller
  bootsnap (>= 1.4.2)
  bootstrap (~> 4.4.1)
  byebug
  capistrano
  capistrano-bundler
  capistrano-rails
  capistrano-rvm
  capistrano3-puma
  capybara (>= 2.15)
  database_cleaner
  factory_bot_rails
  faker!
  font-awesome-rails
  http-accept
  http-cookie
  jbuilder (~> 2.7)
  listen (>= 3.0.5, < 3.2)
  mime-types
  netrc
  puma (~> 4.3)
  rails (~> 6.0.2, >= 6.0.2.1)
  rest-client (= 2.0.2)
  rspec-core!
  rspec-expectations!
  rspec-mocks!
  rspec-rails!
  rspec-support!
  sass-rails (>= 6)
  selenium-webdriver
  simple_form (= 5.0.1)
  spring
  spring-watcher-listen (~> 2.0.0)
  turbolinks (~> 5)
  tzinfo-data
  web-console (>= 3.3.0)
  webdrivers
  webpacker (~> 4.0)

RUBY VERSION
   ruby 2.6.1p33

BUNDLED WITH
   2.0.2
